PATH
  remote: .
  specs:
    m (1.5.1)
      method_source (>= 0.6.7)
      rake (>= 0.9.2.2)

GEM
  remote: https://rubygems.org/
  specs:
    activesupport (4.0.13)
      i18n (~> 0.6, >= 0.6.9)
      minitest (~> 4.2)
      multi_json (~> 1.3)
      thread_safe (~> 0.1)
      tzinfo (~> 0.3.37)
    allocation_stats (0.1.5)
    appraisal (2.0.1)
      activesupport (>= 3.2.21)
      bundler
      rake
      thor (>= 0.14.0)
    benchmark-ips (2.1.1)
    coveralls (0.8.23)
      json (>= 1.8, < 3)
      simplecov (~> 0.16.1)
      term-ansicolor (~> 1.3)
      thor (>= 0.19.4, < 2.0)
      tins (~> 1.6)
    docile (1.3.1)
    i18n (0.7.0)
    json (2.2.0)
    json (2.2.0-java)
    method_source (0.8.2)
    minitest (4.7.5)
    multi_json (1.11.0)
    mustache (1.0.2)
    rake (10.4.2)
    rdiscount (2.1.8)
    redcarpet (3.5.1)
    rocco (0.8.2)
      mustache
      redcarpet
    simplecov (0.16.1)
      docile (~> 1.1)
      json (>= 1.8, < 3)
      simplecov-html (~> 0.10.0)
    simplecov-html (0.10.2)
    term-ansicolor (1.7.1)
      tins (~> 1.0)
    thor (0.20.3)
    thread_safe (0.3.5)
    thread_safe (0.3.5-java)
    tins (1.20.2)
    tzinfo (0.3.44)

PLATFORMS
  java
  ruby

DEPENDENCIES
  activesupport
  allocation_stats
  appraisal
  benchmark-ips
  coveralls
  m!
  rdiscount
  rocco

BUNDLED WITH
   1.17.2
